GIT
  remote: git://github.com/harai/kaminari.git
  revision: 384fcb5d11b66a0cc8fad030104bf80f82616355
  branch: route_prefix_prototype
  specs:
    kaminari (0.14.1)
      actionpack (>= 3.0.0)
      activesupport (>= 3.0.0)

PATH
  remote: /Users/adamw/Projects/Github/hydra-pbcore
  specs:
    hydra-pbcore (3.1.0)
      active-fedora
      solrizer

PATH
  remote: /Users/adamw/Projects/Github/sufia
  specs:
    sufia (3.3.0)
      blacklight (~> 4.0, < 4.4)
      blacklight_advanced_search (~> 2.1.0)
      daemons (= 1.1.9)
      font-awesome-sass-rails (~> 3.0)
      hydra-batch-edit (~> 1.0)
      mail_form
      rails_autolink (~> 1.1.0)
      rainbow (= 1.1.4)
      sufia-models (= 3.3.0)
      yaml_db (= 0.2.3)
    sufia-models (3.3.0)
      active-fedora (~> 6.5.0)
      activeresource
      acts_as_follower (>= 0.1.1, < 0.3)
      hydra-derivatives (~> 0.0.5)
      hydra-head (~> 6.3.0)
      mailboxer (~> 0.11.0)
      nest (~> 1.1.1)
      noid (~> 0.6.6)
      paperclip (~> 3.4.0)
      rails (>= 3.2.13, < 5.0)
      resque (~> 1.23.0)
      resque-pool (= 0.3.0)
      zipruby (= 0.3.6)

GEM
  remote: http://rubygems.org/
  specs:
    actionmailer (4.0.0)
      actionpack (= 4.0.0)
      mail (~> 2.5.3)
    actionpack (4.0.0)
      activesupport (= 4.0.0)
      builder (~> 3.1.0)
      erubis (~> 2.7.0)
      rack (~> 1.5.2)
      rack-test (~> 0.6.2)
    active-fedora (6.5.0)
      activesupport (>= 3.0.0)
      deprecation
      mediashelf-loggable
      nom-xml (>= 0.5.1)
      om (~> 3.0.0)
      rdf
      rdf-rdfxml (= 1.0.1)
      rsolr
      rubydora (~> 1.6, >= 1.6.5)
    activemodel (4.0.0)
      activesupport (= 4.0.0)
      builder (~> 3.1.0)
    activerecord (4.0.0)
      activemodel (= 4.0.0)
      activerecord-deprecated_finders (~> 1.0.2)
      activesupport (= 4.0.0)
      arel (~> 4.0.0)
    activerecord-deprecated_finders (1.0.3)
    activeresource (4.0.0)
      activemodel (~> 4.0)
      activesupport (~> 4.0)
      rails-observers (~> 0.1.1)
    activesupport (4.0.0)
      i18n (~> 0.6, >= 0.6.4)
      minitest (~> 4.2)
      multi_json (~> 1.3)
      thread_safe (~> 0.1)
      tzinfo (~> 0.3.37)
    acts_as_follower (0.1.1)
    addressable (2.3.5)
    arel (4.0.0)
    atomic (1.1.13)
    backports (3.3.3)
    bagit (0.3.2)
      docopt (~> 0.5.0)
      validatable (~> 1.6)
    bcrypt-ruby (3.1.2)
    better_errors (0.9.0)
      coderay (>= 1.0.0)
      erubis (>= 2.6.6)
    binding_of_caller (0.7.2)
      debug_inspector (>= 0.0.1)
    blacklight (4.3.0)
      bootstrap-sass (>= 2.2.0, < 2.4)
      kaminari (~> 0.13)
      marc (>= 0.4.3, < 1.1)
      nokogiri (~> 1.6)
      rails (>= 3.2.6, < 5)
      rsolr (~> 1.0.6)
      sass-rails
    blacklight_advanced_search (2.1.1)
      blacklight (~> 4.0)
      parslet
    blankslate (2.1.2.4)
    block_helpers (0.3.3)
      activesupport (>= 2.0)
    bootstrap-sass (2.3.2.2)
      sass (~> 3.2)
    builder (3.1.4)
    cancan (1.6.10)
    capybara (2.1.0)
      mime-types (>= 1.16)
      nokogiri (>= 1.3.3)
      rack (>= 1.0.0)
      rack-test (>= 0.5.4)
      xpath (~> 2.0)
    carrierwave (0.9.0)
      activemodel (>= 3.2.0)
      activesupport (>= 3.2.0)
      json (>= 1.7)
    childprocess (0.3.9)
      ffi (~> 1.0, >= 1.0.11)
    climate_control (0.0.3)
      activesupport (>= 3.0)
    cocaine (0.5.1)
      climate_control (>= 0.0.3, < 1.0)
    coderay (1.0.9)
    coffee-rails (4.0.0)
      coffee-script (>= 2.2.0)
      railties (>= 4.0.0.beta, < 5.0)
    coffee-script (2.2.0)
      coffee-script-source
      execjs
    coffee-script-source (1.6.3)
    columnize (0.3.6)
    cucumber (1.3.6)
      builder (>= 2.1.2)
      diff-lcs (>= 1.1.3)
      gherkin (~> 2.12.0)
      multi_json (~> 1.7.5)
      multi_test (>= 0.0.2)
    cucumber-rails (1.4.0)
      capybara (>= 1.1.2)
      cucumber (>= 1.2.0)
      nokogiri (>= 1.5.0)
      rails (>= 3.0.0)
    curb (0.8.4)
    daemons (1.1.9)
    database_cleaner (1.0.1)
    debug_inspector (0.0.2)
    debugger (1.6.1)
      columnize (>= 0.3.1)
      debugger-linecache (~> 1.2.0)
      debugger-ruby_core_source (~> 1.2.3)
    debugger-linecache (1.2.0)
    debugger-ruby_core_source (1.2.3)
    deprecation (0.0.5)
      activesupport
    devise (3.0.3)
      bcrypt-ruby (~> 3.0)
      orm_adapter (~> 0.1)
      railties (>= 3.2.6, < 5)
      warden (~> 1.2.3)
    devise-guests (0.3.2)
      devise
    diff-lcs (1.2.4)
    docopt (0.5.0)
    equivalent-xml (0.3.0)
      nokogiri (>= 1.4.3)
    erubis (2.7.0)
    execjs (2.0.1)
    factory_girl (4.2.0)
      activesupport (>= 3.0.0)
    fastercsv (1.5.5)
    ffi (1.9.0)
    font-awesome-sass-rails (3.0.2.2)
      railties (>= 3.1.1)
      sass-rails (>= 3.1.1)
    foreigner (1.4.2)
      activerecord (>= 3.0.0)
    generator_spec (0.9.0)
      activerecord (>= 3.0, <= 4.0)
      railties (>= 3.0, <= 4.0)
    gherkin (2.12.1)
      multi_json (~> 1.3)
    gravatar_image_tag (1.1.3)
    hike (1.2.3)
    hooks (0.3.1)
    hydra-access-controls (6.3.4)
      active-fedora (~> 6.1)
      activesupport
      blacklight (~> 4.0)
      cancan
      deprecation
    hydra-batch-edit (1.0.2)
      blacklight
      hydra-collections
    hydra-collections (1.0.0)
      blacklight
      hydra-head
    hydra-core (6.3.4)
      active-fedora
      blacklight (~> 4.0)
      block_helpers
      deprecation (>= 0.0.5)
      hydra-access-controls (= 6.3.4)
      jettywrapper (>= 1.4.1)
      rails (>= 3.2.3, < 5)
    hydra-derivatives (0.0.5)
      active-fedora
      activesupport (>= 3.2.13, < 5.0)
      rmagick
    hydra-head (6.3.4)
      hydra-access-controls (= 6.3.4)
      hydra-core (= 6.3.4)
      rails (>= 3.2.6)
    i18n (0.6.5)
    jettywrapper (1.4.1)
      activesupport (>= 3.0.0)
      childprocess
      i18n
      logger
      mediashelf-loggable
    jquery-rails (3.0.4)
      railties (>= 3.0, < 5.0)
      thor (>= 0.14, < 2.0)
    json (1.8.0)
    launchy (2.3.0)
      addressable (~> 2.3)
    logger (1.2.8)
    mail (2.5.4)
      mime-types (~> 1.16)
      treetop (~> 1.4.8)
    mail_form (1.3.0)
    mailboxer (0.11.0)
      carrierwave (>= 0.5.8)
      foreigner (>= 0.9.1)
      rails (> 3.0.0)
    marc (0.6.0)
    mediainfo (0.7.2)
    mediashelf-loggable (0.4.9)
    metaclass (0.0.1)
    method_source (0.8.2)
    mime-types (1.24)
    mini_portile (0.5.1)
    minitest (4.7.5)
    mocha (0.14.0)
      metaclass (~> 0.0.1)
    multi_json (1.7.9)
    multi_test (0.0.2)
    nest (1.1.2)
      redis
    noid (0.6.6)
      backports
    nokogiri (1.6.0)
      mini_portile (~> 0.5.0)
    nom-xml (0.5.1)
      activesupport
      i18n
      nokogiri
    om (3.0.3)
      activemodel
      activesupport
      deprecation
      mediashelf-loggable
      nokogiri (>= 1.4.2)
      solrizer (~> 3.1.0)
    orm_adapter (0.4.0)
    paperclip (3.4.2)
      activemodel (>= 3.0.0)
      activerecord (>= 3.0.0)
      activesupport (>= 3.0.0)
      cocaine (~> 0.5.0)
      mime-types
    parslet (1.5.0)
      blankslate (~> 2.0)
    polyglot (0.3.3)
    pry (0.9.12.2)
      coderay (~> 1.0.5)
      method_source (~> 0.8)
      slop (~> 3.4)
    rack (1.5.2)
    rack-protection (1.5.0)
      rack
    rack-test (0.6.2)
      rack (>= 1.0)
    rails (4.0.0)
      actionmailer (= 4.0.0)
      actionpack (= 4.0.0)
      activerecord (= 4.0.0)
      activesupport (= 4.0.0)
      bundler (>= 1.3.0, < 2.0)
      railties (= 4.0.0)
      sprockets-rails (~> 2.0.0)
    rails-observers (0.1.2)
      activemodel (~> 4.0)
    rails_autolink (1.1.0)
      rails (> 3.1)
    railties (4.0.0)
      actionpack (= 4.0.0)
      activesupport (= 4.0.0)
      rake (>= 0.8.7)
      thor (>= 0.18.1, < 2.0)
    rainbow (1.1.4)
    rake (10.1.0)
    rdf (1.0.7)
      addressable (>= 2.2)
    rdf-rdfxml (1.0.1)
      rdf (>= 1.0)
      rdf-xsd (>= 1.0)
    rdf-xsd (1.0.2.1)
      nokogiri (>= 1.5.0)
      rdf (>= 0.3.4)
    redis (3.0.4)
    redis-namespace (1.3.1)
      redis (~> 3.0.0)
    resque (1.23.1)
      multi_json (~> 1.0)
      redis-namespace (~> 1.0)
      sinatra (>= 0.9.2)
      vegas (~> 0.1.2)
    resque-pool (0.3.0)
      rake
      resque (~> 1.20)
      trollop (~> 1.16)
    rest-client (1.6.7)
      mime-types (>= 1.16)
    rmagick (2.13.2)
    rsolr (1.0.9)
      builder (>= 2.1.2)
    rspec (2.14.1)
      rspec-core (~> 2.14.0)
      rspec-expectations (~> 2.14.0)
      rspec-mocks (~> 2.14.0)
    rspec-core (2.14.5)
    rspec-expectations (2.14.2)
      diff-lcs (>= 1.1.3, < 2.0)
    rspec-mocks (2.14.3)
    rspec-rails (2.14.0)
      actionpack (>= 3.0)
      activesupport (>= 3.0)
      railties (>= 3.0)
      rspec-core (~> 2.14.0)
      rspec-expectations (~> 2.14.0)
      rspec-mocks (~> 2.14.0)
    ruby-ntlm (0.0.1)
    rubydora (1.6.5)
      activemodel
      activesupport
      deprecation
      equivalent-xml
      fastercsv
      hooks (~> 0.3.0)
      mime-types
      nokogiri
      rest-client
    rubyzip (0.9.9)
    sass (3.2.10)
    sass-rails (4.0.0)
      railties (>= 4.0.0.beta, < 5.0)
      sass (>= 3.1.10)
      sprockets-rails (~> 2.0.0)
    selenium-webdriver (2.35.1)
      childprocess (>= 0.2.5)
      multi_json (~> 1.0)
      rubyzip (< 1.0.0)
      websocket (~> 1.0.4)
    sinatra (1.4.3)
      rack (~> 1.4)
      rack-protection (~> 1.4)
      tilt (~> 1.3, >= 1.3.4)
    slop (3.4.6)
    solrizer (3.1.1)
      activesupport
      daemons
      mediashelf-loggable (~> 0.4.7)
      nokogiri
      stomp
      xml-simple
    sprockets (2.10.0)
      hike (~> 1.2)
      multi_json (~> 1.0)
      rack (~> 1.0)
      tilt (~> 1.1, != 1.3.0)
    sprockets-rails (2.0.0)
      actionpack (>= 3.0)
      activesupport (>= 3.0)
      sprockets (~> 2.8)
    sqlite3 (1.3.8)
    stomp (1.2.14)
    thor (0.18.1)
    thread_safe (0.1.2)
      atomic
    tilt (1.4.1)
    treetop (1.4.15)
      polyglot
      polyglot (>= 0.3.1)
    trollop (1.16.2)
    tzinfo (0.3.37)
    uglifier (2.2.1)
      execjs (>= 0.3.0)
      multi_json (~> 1.0, >= 1.0.2)
    unicode (0.4.4)
    validatable (1.6.7)
    vegas (0.1.11)
      rack (>= 1.0.0)
    warden (1.2.3)
      rack (>= 1.0)
    webrat (0.7.3)
      nokogiri (>= 1.2.0)
      rack (>= 1.0)
      rack-test (>= 0.5.3)
    websocket (1.0.7)
    xml-simple (1.1.2)
    xpath (2.0.0)
      nokogiri (~> 1.3)
    yaml_db (0.2.3)
    zipruby (0.3.6)

PLATFORMS
  ruby

DEPENDENCIES
  bagit
  bcrypt-ruby
  better_errors
  binding_of_caller
  blacklight
  bootstrap-sass
  coffee-rails
  cucumber-rails
  curb
  database_cleaner (<= 1.0.1)
  debugger
  devise
  devise-guests
  equivalent-xml
  factory_girl
  font-awesome-sass-rails
  generator_spec
  gravatar_image_tag
  hydra-head
  hydra-pbcore!
  jettywrapper
  jquery-rails
  kaminari!
  launchy
  mediainfo
  mocha
  pry
  rails
  rest-client
  rspec
  rspec-rails
  ruby-ntlm
  sass-rails
  selenium-webdriver
  sqlite3
  sufia!
  uglifier
  unicode
  webrat
